GEM
  remote: https://rubygems.org/
  specs:
    autoprefixer-rails (8.0.0)
      execjs
    bootstrap-sass (3.2.0.2)
      sass (~> 3.2)
    execjs (2.7.0)
    ffi (1.9.21)
    rb-fsevent (0.10.2)
    rb-inotify (0.9.10)
      ffi (>= 0.5.0, < 2)
    sass (3.5.5)
      sass-listen (~> 4.0.0)
    sass-listen (4.0.0)
      rb-fsevent (~> 0.9, >= 0.9.4)
      rb-inotify (~> 0.9, >= 0.9.7)

PLATFORMS
  ruby

DEPENDENCIES
  autoprefixer-rails
  bootstrap-sass (~> 3.2.0)

BUNDLED WITH
   1.16.1
